GEM
  remote: http://rubygems.org/
  specs:
    diff-lcs (1.1.3)
    ethernet (0.1.3)
      ffi (>= 1.0.0)
    ffi (1.0.11)
    git (1.2.5)
    jeweler (1.6.4)
      bundler (~> 1.0)
      git (>= 1.2.5)
      rake
    json (1.6.4)
    rake (0.9.2.2)
    rcov (0.9.11)
    rdoc (3.12)
      json (~> 1.4)
    rspec (2.8.0)
      rspec-core (~> 2.8.0)
      rspec-expectations (~> 2.8.0)
      rspec-mocks (~> 2.8.0)
    rspec-core (2.8.0)
    rspec-expectations (2.8.0)
      diff-lcs (~> 1.1.2)
    rspec-mocks (2.8.0)

PLATFORMS
  ruby

DEPENDENCIES
  bundler (>= 1.0.0)
  ethernet (>= 0.1.3)
  jeweler (>= 1.6.4)
  rcov
  rdoc (>= 3.6.1)
  rspec (>= 2.8.0)
