GEM
  remote: http://rubygems.org/
  specs:
    diff-lcs (1.1.2)
    ethernet (0.1.1)
      system-getifaddrs (~> 0.1.1)
    git (1.2.5)
    jeweler (1.5.2)
      bundler (~> 1.0.0)
      git (>= 1.2.5)
      rake
    rake (0.9.0)
    rcov (0.9.9)
    rdoc (3.6.1)
    rspec (2.6.0)
      rspec-core (~> 2.6.0)
      rspec-expectations (~> 2.6.0)
      rspec-mocks (~> 2.6.0)
    rspec-core (2.6.3)
    rspec-expectations (2.6.0)
      diff-lcs (~> 1.1.2)
    rspec-mocks (2.6.0)
    system-getifaddrs (0.1.1)

PLATFORMS
  ruby

DEPENDENCIES
  bundler (~> 1.0.0)
  ethernet (>= 0.1.0)
  jeweler (~> 1.5.2)
  rcov
  rdoc (>= 3.6.1)
  rspec (~> 2.6.0)
